PATH
  remote: .
  specs:
    sampl (0.0.3)
      httparty (~> 0.13)

GEM
  remote: https://rubygems.org/
  specs:
    builder (3.2.2)
    ci_reporter (2.0.0)
      builder (>= 2.1.2)
    ci_reporter_minitest (1.0.0)
      ci_reporter (~> 2.0)
      minitest (~> 5.0)
    docile (1.1.5)
    httparty (0.13.1)
      json (~> 1.8)
      multi_xml (>= 0.5.2)
    json (1.8.1)
    minitest (5.3.5)
    multi_json (1.10.1)
    multi_xml (0.5.5)
    rake (10.3.2)
    simplecov (0.9.0)
      docile (~> 1.1.0)
      multi_json
      simplecov-html (~> 0.8.0)
    simplecov-html (0.8.0)
    simplecov-rcov (0.2.3)
      simplecov (>= 0.4.1)

PLATFORMS
  ruby

DEPENDENCIES
  ci_reporter_minitest (~> 1.0.0)
  httparty (~> 0.13)
  minitest (~> 5.3.0)
  rake
  sampl!
  simplecov
  simplecov-rcov
